PATH
  remote: .
  specs:
    xing-dev-assets (1.0.0.pre.beta)
      rack (~> 1.6)

GEM
  remote: https://rubygems.org/
  specs:
    cadre (1.0.2)
      thor (>= 0.14, < 1.0)
      tilt (> 1.0)
      valise (~> 1.1)
    calibrate (0.0.1)
    caliph (0.3.1)
    codeclimate-test-reporter (0.4.8)
      simplecov (>= 0.7.1, < 1.0.0)
    corundum (0.6.0)
      bundler
      caliph (~> 0.3)
      mattock (~> 0.9)
      paint (~> 0.8.7)
      rspec (>= 2.0)
      simplecov (>= 0.5.4)
      simplecov-json (>= 0.2)
    diff-lcs (1.2.5)
    docile (1.1.5)
    json (1.8.3)
    mattock (0.10.1)
      calibrate (~> 0.0.1)
      caliph (~> 0.3)
      rake (~> 10.0)
      tilt (> 0)
      valise (~> 1.1)
    paint (0.8.7)
    rack (1.6.4)
    rake (10.5.0)
    rspec (3.4.0)
      rspec-core (~> 3.4.0)
      rspec-expectations (~> 3.4.0)
      rspec-mocks (~> 3.4.0)
    rspec-core (3.4.1)
      rspec-support (~> 3.4.0)
    rspec-expectations (3.4.0)
      diff-lcs (>= 1.2.0, < 2.0)
      rspec-support (~> 3.4.0)
    rspec-mocks (3.4.1)
      diff-lcs (>= 1.2.0, < 2.0)
      rspec-support (~> 3.4.0)
    rspec-support (3.4.1)
    simplecov (0.11.1)
      docile (~> 1.1.0)
      json (~> 1.8)
      simplecov-html (~> 0.10.0)
    simplecov-html (0.10.0)
    simplecov-json (0.2)
      json
      simplecov
    thor (0.19.1)
    tilt (2.0.2)
    valise (1.2.0)

PLATFORMS
  ruby

DEPENDENCIES
  cadre
  codeclimate-test-reporter
  corundum
  xing-dev-assets!

BUNDLED WITH
   1.11.2
